GIT
  remote: https://github.com/igrigorik/em-synchrony.git
  revision: 574d71fc7a93ded2857171d3f55f944b661df1ca
  specs:
    em-synchrony (0.3.0.beta.1)
      eventmachine (>= 1.0.0.beta.1)

GIT
  remote: https://github.com/postrank-labs/goliath.git
  revision: dcf777db420cc1a642291e9bd45ed4d08e64b5b8
  specs:
    goliath (0.9.1)
      async-rack
      em-synchrony (>= 0.3.0.beta.1)
      eventmachine (>= 1.0.0.beta.3)
      http_parser.rb
      log4r
      multi_json
      rack (>= 1.2.2)
      rack-contrib
      rack-respond_to

GEM
  remote: http://rubygems.org/
  specs:
    activerecord (2.3.12)
      activesupport (= 2.3.12)
    activesupport (2.3.12)
    addressable (2.2.6)
    archive-tar-minitar (0.5.2)
    async-rack (0.5.1)
      rack (~> 1.1)
    bson (1.3.1)
    bson_ext (1.3.1)
    columnize (0.3.3)
    em-http-request (1.0.0.beta.3)
      addressable (>= 2.2.3)
      em-socksify
      eventmachine
      http_parser.rb (>= 0.5.1)
    em-mongo (0.3.6)
      bson (>= 1.1.3)
      bson_ext (>= 1.1.3)
      eventmachine (>= 0.12.10)
    em-socksify (0.1.0)
      eventmachine
    em_postgresql (0.3.0)
      eventmachine (>= 0.12.10)
      postgres-pr (>= 0.6.1)
    eventmachine (1.0.0.beta.3)
    http_parser.rb (0.5.1)
    linecache19 (0.5.12)
      ruby_core_source (>= 0.1.4)
    log4r (1.1.9)
    multi_json (1.0.2)
    postgres-pr (0.6.3)
    rack (1.2.2)
    rack-accept-media-types (0.9)
    rack-contrib (1.1.0)
      rack (>= 0.9.1)
    rack-respond_to (0.9.8)
      rack-accept-media-types (>= 0.6)
    ruby-debug-base19 (0.11.25)
      columnize (>= 0.3.1)
      linecache19 (>= 0.5.11)
      ruby_core_source (>= 0.1.4)
    ruby-debug19 (0.11.6)
      columnize (>= 0.3.1)
      linecache19 (>= 0.5.11)
      ruby-debug-base19 (>= 0.11.19)
    ruby_core_source (0.1.5)
      archive-tar-minitar (>= 0.5.2)
    yajl-ruby (0.8.2)

PLATFORMS
  ruby

DEPENDENCIES
  activerecord (~> 2)
  em-http-request (~> 1.0.0.beta.3)
  em-mongo
  em-synchrony!
  em_postgresql
  goliath!
  postgres-pr
  ruby-debug19
  yajl-ruby
